PATH
  remote: .
  specs:
    mosql (0.3.2)
      bson_ext
      json
      log4r
      mongo
      mongoriver
      pg
      rake
      sequel

GEM
  remote: https://rubygems.org/
  specs:
    activesupport (6.0.3.2)
      concurrent-ruby (~> 1.0, >= 1.0.2)
      i18n (>= 0.7, < 2)
      minitest (~> 5.1)
      tzinfo (~> 1.1)
      zeitwerk (~> 2.2, >= 2.2.2)
    appmap (0.34.0)
      activesupport
      faraday
      gli
      parser
      rack
    ast (2.4.1)
    bson (4.10.0)
    bson_ext (1.5.1)
    concurrent-ruby (1.1.7)
    faraday (1.0.1)
      multipart-post (>= 1.2, < 3)
    gli (2.19.2)
    i18n (1.8.5)
      concurrent-ruby (~> 1.0)
    json (2.3.1)
    log4r (1.1.10)
    minitest (5.14.1)
    mocha (1.11.2)
    mongo (2.13.0)
      bson (>= 4.8.2, < 5.0.0)
    mongoriver (0.4.3)
      bson_ext
      log4r
      mongo (>= 1.7)
    multipart-post (2.1.1)
    parser (2.7.1.4)
      ast (~> 2.4.1)
    pg (1.2.3)
    rack (2.2.3)
    rake (13.0.1)
    sequel (5.35.0)
    thread_safe (0.3.6)
    tzinfo (1.2.7)
      thread_safe (~> 0.1)
    zeitwerk (2.4.0)

PLATFORMS
  ruby

DEPENDENCIES
  appmap
  minitest
  mocha
  mosql!

BUNDLED WITH
   2.1.4
