PATH
  remote: .
  specs:
    mosql (0.2.0)
      bson_ext
      json
      log4r
      mongo
      mongoriver
      pg
      rake
      sequel

GEM
  remote: https://rubygems.org/
  specs:
    bson (4.10.0)
    bson_ext (1.5.1)
    json (2.3.1)
    log4r (1.1.10)
    metaclass (0.0.1)
    minitest (3.0.0)
    mocha (0.10.5)
      metaclass (~> 0.0.1)
    mongo (2.13.0)
      bson (>= 4.8.2, < 5.0.0)
    mongoriver (0.4.3)
      bson_ext
      log4r
      mongo (>= 1.7)
    pg (1.2.3)
    rake (13.0.1)
    sequel (5.35.0)

PLATFORMS
  ruby

DEPENDENCIES
  minitest
  mocha
  mosql!

BUNDLED WITH
   2.1.4
